GEM
  remote: https://rubygems.org/
  specs:
    diff-lcs (1.2.4)
    rspec-core (2.14.6)
    rspec-expectations (2.14.3)
      diff-lcs (>= 1.1.3, < 2.0)

PLATFORMS
  ruby

DEPENDENCIES
  rspec-core
  rspec-expectations
